GEM
  remote: http://rubygems.org/
  specs:
    awesome_print (1.7.0)
    coderay (1.1.1)
    faker (1.6.6)
      i18n (~> 0.5)
    i18n (0.7.0)
    method_source (0.8.2)
    pdf-core (0.6.1)
    prawn (2.1.0)
      pdf-core (~> 0.6.1)
      ttfunk (~> 1.4.0)
    prawn-table (0.2.2)
      prawn (>= 1.3.0, < 3.0.0)
    pry (0.10.4)
      coderay (~> 1.1.0)
      method_source (~> 0.8.1)
      slop (~> 3.4)
    slop (3.6.0)
    ttfunk (1.4.0)

PLATFORMS
  ruby

DEPENDENCIES
  awesome_print
  faker
  prawn
  prawn-table
  pry

BUNDLED WITH
   1.13.6
