GEM
  remote: http://rubygems.org/
  specs:
    pdf-core (0.2.5)
    prawn (1.2.1)
      pdf-core (~> 0.2.5)
      ttfunk (~> 1.2.0)
    prawn-table (0.1.2)
    ttfunk (1.2.2)

PLATFORMS
  ruby

DEPENDENCIES
  prawn (~> 1.2.1)
  prawn-table (~> 0.1.0)

BUNDLED WITH
   1.13.6
